PATH
  remote: .
  specs:
    percent_of (0.0.3)
      bundler (~> 1.3)

GEM
  remote: https://rubygems.org/
  specs:
    diff-lcs (1.2.5)
    given_core (3.5.4)
      sorcerer (>= 0.3.7)
    rake (10.3.1)
    rspec (2.14.1)
      rspec-core (~> 2.14.0)
      rspec-expectations (~> 2.14.0)
      rspec-mocks (~> 2.14.0)
    rspec-core (2.14.8)
    rspec-expectations (2.14.5)
      diff-lcs (>= 1.1.3, < 2.0)
    rspec-given (3.5.4)
      given_core (= 3.5.4)
      rspec (>= 2.12)
    rspec-mocks (2.14.6)
    sorcerer (1.0.2)

PLATFORMS
  ruby

DEPENDENCIES
  percent_of!
  rake
  rspec (~> 2.0)
  rspec-given
